GEM
  remote: https://rubygems.org/
  specs:
    observer (0.1.2)
    pkg-config (1.5.6)
    rmagick (5.5.0)
      observer (~> 0.1)
      pkg-config (~> 1.4)

PLATFORMS
  arm64-darwin-22
  ruby

DEPENDENCIES
  rmagick

BUNDLED WITH
   2.5.4
